GIT
  remote: https://github.com/evtaylor/sha3-pure-ruby.git
  revision: c3e764863f4926db33308d42e0fe7ec8ce3b72ce
  specs:
    sha3-pure-ruby (1.0.0)

GEM
  remote: https://rubygems.org/
  specs:
    diff-lcs (1.4.4)
    json (2.5.1)
    rspec (3.10.0)
      rspec-core (~> 3.10.0)
      rspec-expectations (~> 3.10.0)
      rspec-mocks (~> 3.10.0)
    rspec-core (3.10.1)
      rspec-support (~> 3.10.0)
    rspec-expectations (3.10.1)
      diff-lcs (>= 1.2.0, < 2.0)
      rspec-support (~> 3.10.0)
    rspec-mocks (3.10.2)
      diff-lcs (>= 1.2.0, < 2.0)
      rspec-support (~> 3.10.0)
    rspec-support (3.10.2)

PLATFORMS
  x64-mingw32

DEPENDENCIES
  json (~> 2.5)
  rspec (~> 3.10)
  sha3-pure-ruby!

BUNDLED WITH
   2.2.3
